GEM
  remote: https://rubygems.org/
  specs:
    byebug (8.2.5)
    diff-lcs (1.2.5)
    dino (0.11.2)
      serialport
    mini_portile2 (2.0.0)
    nokogiri (1.6.7.2)
      mini_portile2 (~> 2.0.0.rc2)
    rspec (3.4.0)
      rspec-core (~> 3.4.0)
      rspec-expectations (~> 3.4.0)
      rspec-mocks (~> 3.4.0)
    rspec-core (3.4.4)
      rspec-support (~> 3.4.0)
    rspec-expectations (3.4.0)
      diff-lcs (>= 1.2.0, < 2.0)
      rspec-support (~> 3.4.0)
    rspec-mocks (3.4.1)
      diff-lcs (>= 1.2.0, < 2.0)
      rspec-support (~> 3.4.0)
    rspec-support (3.4.1)
    serialport (1.3.1)

PLATFORMS
  ruby

DEPENDENCIES
  byebug
  dino
  nokogiri
  rspec
  serialport

BUNDLED WITH
   1.11.2
